PATH
  remote: .
  specs:
    schoolfinder_api (0.0.1)
      nokogiri (>= 1.5, < 1.13)

GEM
  remote: http://rubygems.org/
  specs:
    bourne (1.0)
      mocha (= 0.9.8)
    diff-lcs (1.1.3)
    mini_portile2 (2.6.1)
    mocha (0.9.8)
      rake
    multi_json (1.0.3)
    nokogiri (1.12.5)
      mini_portile2 (~> 2.6.1)
      racc (~> 1.4)
    racc (1.5.2)
    rake (0.9.2)
    rspec (2.6.0)
      rspec-core (~> 2.6.0)
      rspec-expectations (~> 2.6.0)
      rspec-mocks (~> 2.6.0)
    rspec-core (2.6.4)
    rspec-expectations (2.6.0)
      diff-lcs (~> 1.1.2)
    rspec-mocks (2.6.0)
    simplecov (0.5.3)
      multi_json (~> 1.0.3)
      simplecov-html (~> 0.5.3)
    simplecov-html (0.5.3)
    yard (0.7.2)

PLATFORMS
  ruby

DEPENDENCIES
  bourne (~> 1.0)
  mocha (~> 0.9.8)
  rspec (~> 2.6)
  schoolfinder_api!
  simplecov (~> 0.5.3)
  yard (>= 0.6.8)
